GIT
  remote: https://github.com/wordjelly/eventmachine.git
  revision: d837f5461a0f270a4b19278567af4d389a320b96
  branch: fix_timer_delete_issue
  specs:
    eventmachine (1.3.0.dev.1)

PATH
  remote: .
  specs:
    wj-em-rubyserial (0.0.5)
      rubyserial

GEM
  remote: https://rubygems.org/
  specs:
    diff-lcs (1.4.4)
    ffi (1.14.2)
    rake (13.0.3)
    rspec (3.10.0)
      rspec-core (~> 3.10.0)
      rspec-expectations (~> 3.10.0)
      rspec-mocks (~> 3.10.0)
    rspec-core (3.10.1)
      rspec-support (~> 3.10.0)
    rspec-expectations (3.10.1)
      diff-lcs (>= 1.2.0, < 2.0)
      rspec-support (~> 3.10.0)
    rspec-mocks (3.10.0)
      diff-lcs (>= 1.2.0, < 2.0)
      rspec-support (~> 3.10.0)
    rspec-support (3.10.1)
    rubyserial (0.6.0)
      ffi (~> 1.9, >= 1.9.3)

PLATFORMS
  ruby

DEPENDENCIES
  bundler
  eventmachine!
  rake
  rspec (~> 3)
  wj-em-rubyserial!

BUNDLED WITH
   2.0.2
